GEM
  remote: https://rubygems.org/
  specs:
    multi_json (1.15.0)
    streamio-ffmpeg (3.0.2)
      multi_json (~> 1.8)

PLATFORMS
  ruby

DEPENDENCIES
  streamio-ffmpeg (~> 3.0, >= 3.0.2)

BUNDLED WITH
   2.1.4
